PATH
  remote: .
  specs:
    clickatell_gw (0.0.1)
      net-http-persistent (~> 2.9.4)

GEM
  remote: https://rubygems.org/
  specs:
    addressable (2.3.5)
    coderay (1.1.0)
    crack (0.4.2)
      safe_yaml (~> 1.0.0)
    method_source (0.8.2)
    minitest (5.2.3)
    net-http-persistent (2.9.4)
    pry (0.9.12.4)
      coderay (~> 1.0)
      method_source (~> 0.8)
      slop (~> 3.4)
    rake (10.1.1)
    safe_yaml (1.0.1)
    slop (3.4.7)
    webmock (1.17.2)
      addressable (>= 2.2.7)
      crack (>= 0.3.2)

PLATFORMS
  ruby

DEPENDENCIES
  bundler (~> 1.3)
  clickatell_gw!
  minitest (~> 5.2.3)
  pry
  rake (~> 10.0)
  webmock (~> 1.17.2)
