PATH
  remote: .
  specs:
    clickatell_gw (0.0.1)
      net-http-persistent (~> 2.9.4)

GEM
  remote: https://rubygems.org/
  specs:
    coderay (1.1.0)
    method_source (0.8.2)
    net-http-persistent (2.9.4)
    pry (0.9.12.4)
      coderay (~> 1.0)
      method_source (~> 0.8)
      slop (~> 3.4)
    rake (10.1.1)
    slop (3.4.7)

PLATFORMS
  ruby

DEPENDENCIES
  clickatell_gw!
  pry
  rake (~> 10.0)
